GEM
  remote: https://rubygems.org/
  specs:
    addressable (2.3.4)
    coffee-script (2.2.0)
      coffee-script-source
      execjs
    coffee-script-source (1.6.2)
    execjs (1.4.0)
      multi_json (~> 1.0)
    kango (0.0.1.0.9.2)
      coffee-script (~> 2.2.0)
      launchy
      thor (~> 0.18.1)
    launchy (2.3.0)
      addressable (~> 2.3)
    multi_json (1.7.3)
    thor (0.18.1)

PLATFORMS
  ruby

DEPENDENCIES
  kango
