GEM
  remote: https://rubygems.org/
  specs:
    coderay (1.0.9)
    coffee-script (2.2.0)
      coffee-script-source
      execjs
    coffee-script-source (1.6.2)
    execjs (1.4.0)
      multi_json (~> 1.0)
    method_source (0.8.1)
    multi_json (1.7.3)
    pry (0.9.12.2)
      coderay (~> 1.0.5)
      method_source (~> 0.8)
      slop (~> 3.4)
    rake (0.9.6)
    rubyzip (0.9.9)
    slop (3.4.5)

PLATFORMS
  ruby

DEPENDENCIES
  coffee-script (~> 2.2.0)
  pry
  rake (~> 0.9.2)
  rubyzip (~> 0.9.9)
